GEM
  remote: https://rubygems.org/
  specs:
    addressable (2.3.5)
    builder (3.2.2)
    childprocess (0.3.9)
      ffi (~> 1.0, >= 1.0.11)
    cucumber (1.2.1)
      builder (>= 2.1.2)
      diff-lcs (>= 1.1.3)
      gherkin (~> 2.11.0)
      json (>= 1.4.6)
    diff-lcs (1.1.3)
    ffi (1.9.0-x86-mingw32)
    gherkin (2.11.8-x86-mingw32)
      multi_json (~> 1.3)
    json (1.7.3)
    libwebsocket (0.1.8)
      addressable
      websocket
    multi_json (1.7.7)
    net-ssh (2.5.2)
    output-to-file (1.0.3)
    rake (0.9.2.2)
    rspec (2.11.0)
      rspec-core (~> 2.11.0)
      rspec-expectations (~> 2.11.0)
      rspec-mocks (~> 2.11.0)
    rspec-core (2.11.1)
    rspec-expectations (2.11.3)
      diff-lcs (~> 1.1.3)
    rspec-mocks (2.11.3)
    rubyzip (0.9.9)
    selenium-webdriver (2.25.0)
      childprocess (>= 0.2.5)
      libwebsocket (~> 0.1.3)
      multi_json (~> 1.0)
      rubyzip
    trollop (1.16.2)
    watir-webdriver (0.6.1)
      selenium-webdriver (>= 2.18.0)
    websocket (1.1.1)

PLATFORMS
  x86-mingw32

DEPENDENCIES
  cucumber (= 1.2.1)
  json (= 1.7.3)
  net-ssh (= 2.5.2)
  output-to-file (= 1.0.3)
  rake (= 0.9.2.2)
  rspec (= 2.11.0)
  selenium-webdriver (= 2.25.0)
  trollop (= 1.16.2)
  watir-webdriver (= 0.6.1)
