GEM
  remote: https://rubygems.org/
  specs:
    domain_name (0.5.11)
      unf (>= 0.0.5, < 1.0.0)
    json (1.8.0)
    mechanize (2.6.0)
      domain_name (~> 0.5, >= 0.5.1)
      mime-types (~> 1.17, >= 1.17.2)
      net-http-digest_auth (~> 1.1, >= 1.1.1)
      net-http-persistent (~> 2.5, >= 2.5.2)
      nokogiri (~> 1.4)
      ntlm-http (~> 0.1, >= 0.1.1)
      webrobots (>= 0.0.9, < 0.2)
    mime-types (1.22)
    net-http-digest_auth (1.3)
    net-http-persistent (2.8)
    net-sftp (2.1.2)
      net-ssh (>= 2.6.5)
    net-ssh (2.6.6)
    nokogiri (1.5.9-x86-mingw32)
    ntlm-http (0.1.1)
    trollop (2.0)
    unf (0.1.1)
      unf_ext
    unf_ext (0.0.6-x86-mingw32)
    webrobots (0.1.1)

PLATFORMS
  x86-mingw32

DEPENDENCIES
  bundler
  json
  mechanize
  net-sftp
  trollop
