GEM
  remote: https://rubygems.org/
  specs:
    sass (3.2.2)

PLATFORMS
  x86-mingw32

DEPENDENCIES
  sass (= 3.2.2)
