GEM
  remote: https://rubygems.org/
  specs:
    sass (3.1.1)

PLATFORMS
  x86-mingw32

DEPENDENCIES
  sass (= 3.1.1)
